PATH
  remote: .
  specs:
    liquidice (0.1.0)
      treetop (~> 1.4)

GEM
  remote: https://rubygems.org/
  specs:
    diff-lcs (1.5.0)
    polyglot (0.3.5)
    rake (13.0.6)
    rspec (3.12.0)
      rspec-core (~> 3.12.0)
      rspec-expectations (~> 3.12.0)
      rspec-mocks (~> 3.12.0)
    rspec-core (3.12.2)
      rspec-support (~> 3.12.0)
    rspec-expectations (3.12.3)
      diff-lcs (>= 1.2.0, < 2.0)
      rspec-support (~> 3.12.0)
    rspec-mocks (3.12.6)
      diff-lcs (>= 1.2.0, < 2.0)
      rspec-support (~> 3.12.0)
    rspec-support (3.12.1)
    treetop (1.6.12)
      polyglot (~> 0.3)

PLATFORMS
  arm64-darwin-21

DEPENDENCIES
  bundler (~> 2.0)
  liquidice!
  rake (~> 13.0)
  rspec (~> 3.0)

BUNDLED WITH
   2.4.20
